GEM
  remote: https://rubygems.org/
  specs:
    accesslint-ci (0.2.3)
      rest-client (~> 2.0)
      thor (~> 0.19)
    activesupport (4.2.7.1)
      i18n (~> 0.7)
      json (~> 1.7, >= 1.7.7)
      minitest (~> 5.1)
      thread_safe (~> 0.3, >= 0.3.4)
      tzinfo (~> 1.1)
    addressable (2.4.0)
    ast (2.3.0)
    autoprefixer-rails (6.3.7)
      execjs
    backports (3.6.8)
    bourbon (5.0.0.beta.7)
      sass (~> 3.4.22)
      thor (~> 0.19.1)
    builder (3.2.2)
    coffee-script (2.4.1)
      coffee-script-source
      execjs
    coffee-script-source (1.10.0)
    compass-import-once (1.0.5)
      sass (>= 3.2, < 3.5)
    concurrent-ruby (1.0.2)
    contracts (0.13.0)
    domain_name (0.5.20161129)
      unf (>= 0.0.5, < 1.0.0)
    dotenv (2.1.1)
    em-websocket (0.5.1)
      eventmachine (>= 0.12.9)
      http_parser.rb (~> 0.6.0)
    erubis (2.7.0)
    eventmachine (1.2.0.1)
    execjs (2.7.0)
    fast_blank (1.0.0)
    fastimage (2.0.0)
      addressable (~> 2)
    ffi (1.9.14)
    haml (4.0.7)
      tilt
    hamster (3.0.0)
      concurrent-ruby (~> 1.0)
    hashie (3.4.4)
    htmlcompressor (0.2.0)
    http-cookie (1.0.3)
      domain_name (~> 0.5)
    http_parser.rb (0.6.0)
    i18n (0.7.0)
    json (1.8.3)
    kramdown (1.12.0)
    listen (3.0.8)
      rb-fsevent (~> 0.9, >= 0.9.4)
      rb-inotify (~> 0.9, >= 0.9.7)
    memoist (0.15.0)
    middleman (4.1.10)
      coffee-script (~> 2.2)
      compass-import-once (= 1.0.5)
      haml (>= 4.0.5)
      kramdown (~> 1.2)
      middleman-cli (= 4.1.10)
      middleman-core (= 4.1.10)
      sass (>= 3.4.0, < 4.0)
    middleman-autoprefixer (2.7.0)
      autoprefixer-rails (>= 6.3.1, < 7.0.0)
      middleman-core (>= 3.3.3)
    middleman-cli (4.1.10)
      thor (>= 0.17.0, < 2.0)
    middleman-core (4.1.10)
      activesupport (~> 4.2)
      addressable (~> 2.3)
      backports (~> 3.6)
      bundler (~> 1.1)
      contracts (~> 0.13.0)
      dotenv
      erubis
      execjs (~> 2.0)
      fast_blank
      fastimage (~> 2.0)
      hamster (~> 3.0)
      hashie (~> 3.4)
      i18n (~> 0.7.0)
      listen (~> 3.0.0)
      memoist (~> 0.14)
      padrino-helpers (~> 0.13.0)
      parallel
      rack (>= 1.4.5, < 2.0)
      sass (>= 3.4)
      servolux
      tilt (~> 1.4.1)
      uglifier (~> 3.0)
    middleman-livereload (3.4.6)
      em-websocket (~> 0.5.1)
      middleman-core (>= 3.3)
      rack-livereload (~> 0.3.15)
    middleman-minify-html (3.4.1)
      htmlcompressor (~> 0.2.0)
      middleman-core (>= 3.2)
    middleman-syntax (2.1.0)
      middleman-core (>= 3.2)
      rouge (~> 1.0)
    mime-types (3.1)
      mime-types-data (~> 3.2015)
    mime-types-data (3.2016.0521)
    minitest (5.9.0)
    neat (2.0.0.beta.1)
      sass (~> 3.4)
      thor (~> 0.19)
    netrc (0.11.0)
    padrino-helpers (0.13.3)
      i18n (~> 0.6, >= 0.6.7)
      padrino-support (= 0.13.3)
      tilt (>= 1.4.1, < 3)
    padrino-support (0.13.3)
      activesupport (>= 3.1)
    parallel (1.9.0)
    parser (2.3.1.2)
      ast (~> 2.2)
    powerpack (0.1.1)
    rack (1.6.4)
    rack-livereload (0.3.16)
      rack
    rainbow (2.1.0)
    rake (11.2.2)
    rb-fsevent (0.9.7)
    rb-inotify (0.9.7)
      ffi (>= 0.5.0)
    redcarpet (3.3.4)
    rest-client (2.0.0)
      http-cookie (>= 1.0.2, < 2.0)
      mime-types (>= 1.16, < 4.0)
      netrc (~> 0.8)
    rouge (1.11.1)
    rubocop (0.41.2)
      parser (>= 2.3.1.1, < 3.0)
      powerpack (~> 0.1)
      rainbow (>= 1.99.1, < 3.0)
      ruby-progressbar (~> 1.7)
      unicode-display_width (~> 1.0, >= 1.0.1)
    ruby-progressbar (1.8.1)
    sass (3.4.22)
    sassc (1.10.0)
      bundler
      ffi (~> 1.9.6)
      sass (>= 3.3.0)
    scss_lint (0.49.0)
      rake (>= 0.9, < 12)
      sass (~> 3.4.20)
    servolux (0.12.0)
    slim (3.0.7)
      temple (~> 0.7.6)
      tilt (>= 1.3.3, < 2.1)
    slim_lint (0.8.1)
      rake (>= 10, < 12)
      rubocop (>= 0.36.0)
      slim (~> 3.0)
      sysexits (~> 1.1)
    sysexits (1.2.0)
    temple (0.7.7)
    thor (0.19.1)
    thread_safe (0.3.5)
    tilt (1.4.1)
    tzinfo (1.2.2)
      thread_safe (~> 0.1)
    uglifier (3.0.2)
      execjs (>= 0.3.0, < 3)
    unf (0.1.4)
      unf_ext
    unf_ext (0.0.7.2)
    unicode-display_width (1.1.0)

PLATFORMS
  ruby

DEPENDENCIES
  accesslint-ci (~> 0.2)
  bourbon (~> 5.0.0.beta.7)
  builder
  middleman (~> 4.1)
  middleman-autoprefixer
  middleman-livereload
  middleman-minify-html
  middleman-syntax
  neat (= 2.0.0.beta.1)
  rake
  redcarpet
  sassc
  scss_lint (= 0.49.0)
  slim
  slim_lint

RUBY VERSION
   ruby 2.3.1p112

BUNDLED WITH
   1.13.6
